GEM
  remote: https://rubygems.org/
  specs:
    atk (4.2.2)
      glib2 (= 4.2.2)
    cairo (1.17.13)
      native-package-installer (>= 1.0.3)
      pkg-config (>= 1.2.2)
      red-colors
    cairo-gobject (4.2.2)
      cairo (>= 1.16.2)
      glib2 (= 4.2.2)
    diff-lcs (1.5.1)
    fiddle (1.1.2)
    gdk3 (4.2.2)
      cairo-gobject (= 4.2.2)
      gdk_pixbuf2 (= 4.2.2)
      pango (= 4.2.2)
    gdk_pixbuf2 (4.2.2)
      gio2 (= 4.2.2)
    gio2 (4.2.2)
      fiddle
      gobject-introspection (= 4.2.2)
    glib2 (4.2.2)
      native-package-installer (>= 1.0.3)
      pkg-config (>= 1.3.5)
    gobject-introspection (4.2.2)
      glib2 (= 4.2.2)
    gtk3 (4.2.2)
      atk (= 4.2.2)
      gdk3 (= 4.2.2)
    json (2.7.2)
    matrix (0.4.2)
    native-package-installer (1.1.9)
    pango (4.2.2)
      cairo-gobject (= 4.2.2)
      gobject-introspection (= 4.2.2)
    pkg-config (1.5.6)
    red-colors (0.4.0)
      json
      matrix
    rspec (3.13.0)
      rspec-core (~> 3.13.0)
      rspec-expectations (~> 3.13.0)
      rspec-mocks (~> 3.13.0)
    rspec-core (3.13.0)
      rspec-support (~> 3.13.0)
    rspec-expectations (3.13.1)
      diff-lcs (>= 1.2.0, < 2.0)
      rspec-support (~> 3.13.0)
    rspec-mocks (3.13.1)
      diff-lcs (>= 1.2.0, < 2.0)
      rspec-support (~> 3.13.0)
    rspec-support (3.13.1)

PLATFORMS
  ruby
  x86_64-linux

DEPENDENCIES
  gtk3
  rspec

BUNDLED WITH
   2.5.9
